PATH
  remote: .
  specs:
    zenpush (0.2.0)
      awesome_print (~> 1.0.0)
      boson (~> 1.0)
      httparty (~> 0.8.0)
      json_pure (~> 1.5.1)
      kramdown (~> 0.14.0)

GEM
  remote: http://rubygems.org/
  specs:
    awesome_print (1.0.2)
    boson (1.2.4)
    httparty (0.8.3)
      multi_json (~> 1.0)
      multi_xml
    json_pure (1.5.4)
      spruz (~> 0.2.8)
    kramdown (0.14.0)
    multi_json (1.3.6)
    multi_xml (0.5.1)
    rake (0.9.2.2)
    spruz (0.2.13)

PLATFORMS
  ruby

DEPENDENCIES
  rake
  zenpush!
